GIT
  remote: https://github.com/gimite/google-drive-ruby
  revision: f079054ffc4465ccde44b4125c353b2d289dab7e
  specs:
    google_drive (0.3.9)
      nokogiri (>= 1.4.4, != 1.5.2, != 1.5.1)
      oauth (>= 0.3.6)
      oauth2 (>= 0.5.0)

GIT
  remote: https://github.com/stripe/stripe-ruby
  revision: 0c281891948a793e79cc997d31918ba7f987f7ae
  specs:
    stripe (1.7.8)
      multi_json (>= 1.0.4, < 2)
      rest-client (~> 1.4)

GEM
  remote: https://rubygems.org/
  specs:
    CFPropertyList (2.2.8)
    actionmailer (3.2.19)
      actionpack (= 3.2.19)
      mail (~> 2.5.4)
    actionpack (3.2.19)
      activemodel (= 3.2.19)
      activesupport (= 3.2.19)
      builder (~> 3.0.0)
      erubis (~> 2.7.0)
      journey (~> 1.0.4)
      rack (~> 1.4.5)
      rack-cache (~> 1.2)
      rack-test (~> 0.6.1)
      sprockets (~> 2.2.1)
    activemodel (3.2.19)
      activesupport (= 3.2.19)
      builder (~> 3.0.0)
    activerecord (3.2.19)
      activemodel (= 3.2.19)
      activesupport (= 3.2.19)
      arel (~> 3.0.2)
      tzinfo (~> 0.3.29)
    activeresource (3.2.19)
      activemodel (= 3.2.19)
      activesupport (= 3.2.19)
    activesupport (3.2.19)
      i18n (~> 0.6, >= 0.6.4)
      multi_json (~> 1.0)
    acts_as_list (0.1.6)
    andand (1.3.3)
    arel (3.0.3)
    attribute-defaults (0.6.0)
      activerecord (>= 3.0.0)
    awesome_print (1.2.0)
    bcrypt-ruby (3.0.1)
    builder (3.0.4)
    byebug (3.1.2)
      columnize (~> 0.8)
      debugger-linecache (~> 1.2)
    carrierwave (0.7.0)
      activemodel (>= 3.2.0)
      activesupport (>= 3.2.0)
    coderay (1.1.0)
    coffee-rails (3.2.2)
      coffee-script (>= 2.2.0)
      railties (~> 3.2.0)
    coffee-script (2.2.0)
      coffee-script-source
      execjs
    coffee-script-source (1.4.0)
    columnize (0.8.9)
    debugger-linecache (1.2.0)
    devise (2.1.2)
      bcrypt-ruby (~> 3.0)
      orm_adapter (~> 0.1)
      railties (~> 3.1)
      warden (~> 1.2.1)
    erubis (2.7.0)
    exceptional (2.0.32)
      rack
    excon (0.41.0)
    execjs (1.4.0)
      multi_json (~> 1.0)
    facebooker2 (0.0.17)
      mogli (>= 0.0.33)
      ruby-hmac
    factory_girl (4.3.0)
      activesupport (>= 3.0.0)
    fancybox2-rails (0.2.8)
      railties (>= 3.1.0, < 5.0)
    faraday (0.8.9)
      multipart-post (~> 1.2.0)
    faraday_middleware (0.9.0)
      faraday (>= 0.7.4, < 0.9)
    ffaker (1.22.1)
    ffi (1.9.3)
    fission (0.5.0)
      CFPropertyList (~> 2.2)
    flying-sphinx (0.8.5)
      faraday_middleware (~> 0.7)
      multi_json (>= 1.0.1)
      rash (~> 0.3.0)
      riddle (>= 1.5.0)
      thinking-sphinx
    fog (1.25.0)
      fog-brightbox (~> 0.4)
      fog-core (~> 1.25)
      fog-json
      fog-profitbricks
      fog-radosgw (>= 0.0.2)
      fog-sakuracloud (>= 0.0.4)
      fog-softlayer
      fog-terremark
      fog-vmfusion
      fog-voxel
      fog-xml (~> 0.1.1)
      ipaddress (~> 0.5)
      nokogiri (~> 1.5, >= 1.5.11)
      opennebula
    fog-brightbox (0.6.1)
      fog-core (~> 1.22)
      fog-json
      inflecto
    fog-core (1.25.0)
      builder
      excon (~> 0.38)
      formatador (~> 0.2)
      mime-types
      net-scp (~> 1.1)
      net-ssh (>= 2.1.3)
    fog-json (1.0.0)
      multi_json (~> 1.0)
    fog-profitbricks (0.0.1)
      fog-core
      fog-xml
      nokogiri
    fog-radosgw (0.0.3)
      fog-core (>= 1.21.0)
      fog-json
      fog-xml (>= 0.0.1)
    fog-sakuracloud (0.1.1)
      fog-core
      fog-json
    fog-softlayer (0.3.24)
      fog-core
      fog-json
    fog-terremark (0.0.3)
      fog-core
      fog-xml
    fog-vmfusion (0.0.1)
      fission
      fog-core
    fog-voxel (0.0.1)
      fog-core
      fog-xml
    fog-xml (0.1.1)
      fog-core
      nokogiri (~> 1.5, >= 1.5.11)
    formatador (0.2.5)
    hashie (1.2.0)
    hike (1.2.3)
    hirb (0.7.1)
    httmultiparty (0.3.10)
      httparty (>= 0.7.3)
      multipart-post
    httparty (0.11.0)
      multi_json (~> 1.0)
      multi_xml (>= 0.5.2)
    i18n (0.6.11)
    inflecto (0.0.2)
    interactive_editor (0.0.10)
      spoon (>= 0.0.1)
    ipaddress (0.8.0)
    journey (1.0.4)
    jquery-rails (2.3.0)
      railties (>= 3.0, < 5.0)
      thor (>= 0.14, < 2.0)
    json (1.8.1)
    jwt (0.1.11)
      multi_json (>= 1.5)
    kaminari (0.14.1)
      actionpack (>= 3.0.0)
      activesupport (>= 3.0.0)
    kgio (2.9.3)
    mail (2.5.4)
      mime-types (~> 1.16)
      treetop (~> 1.4.8)
    method_source (0.8.2)
    mime-types (1.25.1)
    mini_magick (3.4)
      subexec (~> 0.2.1)
    mini_portile (0.6.2)
    mogli (0.0.45)
      hashie (>= 1.1.0)
      httmultiparty (>= 0.3.6)
      httparty (>= 0.4.3)
      multi_json (~> 1.7.8)
    mono_logger (1.1.0)
    multi_json (1.7.9)
    multi_xml (0.5.5)
    multipart-post (1.2.0)
    net-scp (1.2.1)
      net-ssh (>= 2.6.5)
    net-ssh (2.9.1)
    newrelic_rpm (3.9.0.229)
    nokogiri (1.6.6.2)
      mini_portile (~> 0.6.0)
    oauth (0.4.7)
    oauth2 (0.9.3)
      faraday (>= 0.8, < 0.10)
      jwt (~> 0.1.8)
      multi_json (~> 1.3)
      multi_xml (~> 0.5)
      rack (~> 1.2)
    opennebula (4.10.1)
      json
      nokogiri
      rbvmomi
    orm_adapter (0.1.0)
    pdf-core (0.2.4)
    pg (0.18.1)
    polyglot (0.3.5)
    prawn (1.0.0)
      pdf-core (~> 0.2.2)
      ttfunk (~> 1.1.1)
    pry (0.9.12.4)
      coderay (~> 1.0)
      method_source (~> 0.8)
      slop (~> 3.4)
    rack (1.4.5)
    rack-cache (1.2)
      rack (>= 0.4)
    rack-protection (1.5.1)
      rack
    rack-ssl (1.3.4)
      rack
    rack-test (0.6.2)
      rack (>= 1.0)
    rails (3.2.19)
      actionmailer (= 3.2.19)
      actionpack (= 3.2.19)
      activerecord (= 3.2.19)
      activeresource (= 3.2.19)
      activesupport (= 3.2.19)
      bundler (~> 1.0)
      railties (= 3.2.19)
    railties (3.2.19)
      actionpack (= 3.2.19)
      activesupport (= 3.2.19)
      rack-ssl (~> 1.3.2)
      rake (>= 0.8.7)
      rdoc (~> 3.4)
      thor (>= 0.14.6, < 2.0)
    raindrops (0.13.0)
    rake (10.3.2)
    rash (0.3.2)
      hashie (~> 1.2.0)
    rbvmomi (1.8.2)
      builder
      nokogiri (>= 1.4.1)
      trollop
    rdoc (3.12.2)
      json (~> 1.4)
    redcarpet (2.1.1)
    redis (3.0.6)
    redis-namespace (1.4.1)
      redis (~> 3.0.4)
    remotipart (1.2.1)
    resque (1.25.1)
      mono_logger (~> 1.0)
      multi_json (~> 1.0)
      redis-namespace (~> 1.2)
      sinatra (>= 0.9.2)
      vegas (~> 0.1.2)
    resque_mailer (2.2.6)
      actionmailer (>= 3.0)
    rest-client (1.6.7)
      mime-types (>= 1.16)
    riddle (1.5.4)
    ruby-hmac (0.4.0)
    sass (3.2.2)
    sass-rails (3.2.5)
      railties (~> 3.2.0)
      sass (>= 3.1.10)
      tilt (~> 1.3)
    sinatra (1.3.6)
      rack (~> 1.4)
      rack-protection (~> 1.3)
      tilt (~> 1.3, >= 1.3.3)
    slop (3.4.7)
    spoon (0.0.4)
      ffi
    sprockets (2.2.2)
      hike (~> 1.2)
      multi_json (~> 1.0)
      rack (~> 1.0)
      tilt (~> 1.1, != 1.3.0)
    subexec (0.2.2)
    thinking-sphinx (2.0.14)
      activerecord (>= 3.0.3)
      builder (>= 2.1.2)
      riddle (>= 1.5.3)
    thor (0.19.1)
    tilt (1.4.1)
    treetop (1.4.15)
      polyglot
      polyglot (>= 0.3.1)
    trollop (2.0)
    ttfunk (1.1.1)
    tzinfo (0.3.40)
    uglifier (1.3.0)
      execjs (>= 0.3.0)
      multi_json (~> 1.0, >= 1.0.2)
    unicorn (4.8.3)
      kgio (~> 2.6)
      rack
      raindrops (~> 0.7)
    vegas (0.1.11)
      rack (>= 1.0.0)
    warden (1.2.1)
      rack (>= 1.0)

PLATFORMS
  ruby

DEPENDENCIES
  acts_as_list
  andand
  attribute-defaults
  awesome_print
  byebug
  carrierwave
  coffee-rails (~> 3.2.1)
  devise
  exceptional
  facebooker2
  factory_girl
  fancybox2-rails
  ffaker
  flying-sphinx
  fog
  google_drive!
  hirb
  interactive_editor
  jquery-rails (= 2.3.0)
  kaminari
  mini_magick
  newrelic_rpm
  pg
  prawn
  pry
  rails (= 3.2.19)
  redcarpet
  remotipart
  resque
  resque_mailer
  sass-rails (~> 3.2.3)
  stripe!
  thinking-sphinx (< 3.0)
  uglifier (>= 1.0.3)
  unicorn
